GIT
  remote: git://github.com/capistrano/notification-center.git
  revision: d5c21cb504d1fce9c5e0cc270c671fd715375aa5
  specs:
    capistrano-nc (0.1.4)
      capistrano (~> 3.0)
      terminal-notifier (~> 1.6)

GIT
  remote: git://github.com/donbobka/capistrano-rsync.git
  revision: eb17ec683bb831726f4245f5565430af1615e09a
  specs:
    capistrano-rsync (1.0.2)
      capistrano (~> 3.1)

GEM
  remote: https://rubygems.org/
  specs:
    capistrano (3.2.1)
      i18n
      rake (>= 10.0.0)
      sshkit (~> 1.3)
    colorize (0.7.3)
    i18n (0.6.11)
    net-scp (1.2.1)
      net-ssh (>= 2.6.5)
    net-ssh (2.9.1)
    rake (10.3.2)
    sshkit (1.5.1)
      colorize
      net-scp (>= 1.1.2)
      net-ssh (>= 2.8.0)
    terminal-notifier (1.6.2)

PLATFORMS
  ruby
  x64-mingw32
  x86-mingw32

DEPENDENCIES
  capistrano (~> 3.2.1)
  capistrano-nc (~> 0.1)!
  capistrano-rsync!
